GIT
  remote: git://github.com/tarcieri/celluloid.git
  revision: c5a7d9ad784ba33994521266241c85a4e689896c
  specs:
    celluloid (0.0.1)
      celluloid

PATH
  remote: .
  specs:
    variety (0.0.1)

GEM
  remote: http://rubygems.org/
  specs:
    diff-lcs (1.1.2)
    git (1.2.5)
    jeweler (1.5.2)
      bundler (~> 1.0.0)
      git (>= 1.2.5)
      rake
    rake (0.8.7)
    rspec (2.3.0)
      rspec-core (~> 2.3.0)
      rspec-expectations (~> 2.3.0)
      rspec-mocks (~> 2.3.0)
    rspec-core (2.3.1)
    rspec-expectations (2.3.0)
      diff-lcs (~> 1.1.2)
    rspec-mocks (2.3.0)

PLATFORMS
  ruby

DEPENDENCIES
  bundler (~> 1.0.0)
  celluloid!
  jeweler (~> 1.5.2)
  rspec (~> 2.3.0)
  variety!
